GEM
  remote: https://rubygems.org/
  specs:
    pg (1.2.3)
    sequel (5.52.0)

PLATFORMS
  ruby

DEPENDENCIES
  pg
  sequel

BUNDLED WITH
   2.1.4
